GEM
  remote: https://rubygems.org/
  specs:
    faraday (0.12.1)
      multipart-post (>= 1.2, < 3)
    multipart-post (2.0.0)
    mustermann (1.0.0)
    puma (3.9.1)
    puma (3.9.1-java)
    rack (2.0.3)
    rack-protection (2.0.0)
      rack
    redis (3.3.3)
    sinatra (2.0.0)
      mustermann (~> 1.0)
      rack (~> 2.0)
      rack-protection (= 2.0.0)
      tilt (~> 2.0)
    tilt (2.0.7)

PLATFORMS
  java
  ruby

DEPENDENCIES
  faraday
  puma
  redis
  sinatra

BUNDLED WITH
   1.11.2
